PATH
  remote: .
  specs:
    tod (1.1.1)

GEM
  remote: https://rubygems.org/
  specs:
    active_support (3.0.0)
      activesupport (= 3.0.0)
    activesupport (3.0.0)
    bourne (1.4.0)
      mocha (~> 0.13.2)
    metaclass (0.0.1)
    mocha (0.13.3)
      metaclass (~> 0.0.1)
    rake (0.9.6)
    shoulda (3.4.0)
      shoulda-context (~> 1.0, >= 1.0.1)
      shoulda-matchers (~> 1.0, >= 1.4.1)
    shoulda-context (1.1.1)
    shoulda-matchers (1.5.6)
      activesupport (>= 3.0.0)
      bourne (~> 1.3)
    test-unit (2.5.4)
    tzinfo (0.3.35)

PLATFORMS
  ruby

DEPENDENCIES
  active_support (>= 3.0)
  mocha
  rake
  shoulda
  test-unit
  tod!
  tzinfo
